{
  "AcquisitionMatrixPE": 204,
  "AcquisitionNumber": 1,
  "AcquisitionTime": "18:18:6.662500",
  "BaseResolution": 256,
  "BodyPartExamined": "BRAIN",
  "ConsistencyInfo": "N4_VE11C_LATEST_20160120",
  "ConversionSoftware": "dcm2niix",
  "ConversionSoftwareVersion": "v1.0.20180518 GCC4.4.7",
  "DeviceSerialNumber": "167004",
  "DwellTime": 3e-06,
  "EchoTime": 0.389,
  "EchoTrainLength": 225,
  "FlipAngle": 120,
  "ImageOrientationPatientDICOM": [-0.00935972, 0.995528, 0.0940058, -0.0477416, 0.0934579, -0.994478],
  "ImageType": [
    "ORIGINAL",
    "PRIMARY",
    "M",
    "ND",
    "NORM"
],
  "InPlanePhaseEncodingDirectionDICOM": "ROW",
  "InstitutionAddress": "Mikeletegi_69_San_Sebastian_District_ES_20009",
  "InstitutionName": "BCBL",
  "InstitutionalDepartmentName": "Department",
  "MRAcquisitionType": "3D",
  "MagneticFieldStrength": 3,
  "Manufacturer": "Siemens",
  "ManufacturersModelName": "Prisma_fit",
  "Modality": "MR",
  "ParallelReductionFactorInPlane": 2,
  "PartialFourier": 1,
  "PatientPosition": "HFS",
  "PercentPhaseFOV": 79.6875,
  "PhaseEncodingSteps": 199,
  "PhaseResolution": 1,
  "PixelBandwidth": 650,
  "ProcedureStepDescription": "CRANEO_FUNCIONAL",
  "ProtocolName": "t2_space_sag_p2_1iso_MGH",
  "PulseSequenceDetails": "%SiemensSeq%_tse_vfl",
  "ReceiveCoilActiveElements": "HC1-7;NC1,2",
  "ReceiveCoilName": "HeadNeck_64",
  "ReconMatrixPE": 256,
  "RepetitionTime": 3.39,
  "SAR": 0.16383,
  "ScanOptions": "PFP",
  "ScanningSequence": "SE",
  "SequenceName": "_spcR_230ns",
  "SequenceVariant": "SK_SP",
  "SeriesDescription": "t2_space_sag_p2_1iso_MGH",
  "SeriesNumber": 5,
  "ShimSetting": [41, -11179, -7033, -136, -8, -375, 145, 37],
  "SliceThickness": 1,
  "SoftwareVersions": "syngo_MR_E11",
  "StationName": "MRC35414",
  "TxRefAmp": 254.031}