{
  "AcquisitionMatrixPE": 88,
  "AcquisitionNumber": 1,
  "BandwidthPerPixelPhaseEncode": 42.882,
  "BaseResolution": 88,
  "BodyPartExamined": "BRAIN",
  "CogAtlasID": "TODO",
  "ConsistencyInfo": "N4_VE11C_LATEST_20160120",
  "ConversionSoftware": "dcm2niix",
  "ConversionSoftwareVersion": "v1.0.20180518 GCC4.4.7",
  "DerivedVendorReportedEchoSpacing": 0.000529996,
  "DeviceSerialNumber": "167004",
  "DwellTime": 2.3e-06,
  "EchoTrainLength": 32,
  "EffectiveEchoSpacing": 0.000264998,
  "FlipAngle": 70,
  "ImageComments": "Unaliased_MB4_PE4_LB_SENSE1",
  "InPlanePhaseEncodingDirectionDICOM": "COL",
  "InstitutionAddress": "Mikeletegi_69_San_Sebastian_District_ES_20009",
  "InstitutionName": "BCBL",
  "InstitutionalDepartmentName": "Department",
  "MRAcquisitionType": "2D",
  "MagneticFieldStrength": 3,
  "Manufacturer": "Siemens",
  "ManufacturersModelName": "Prisma_fit",
  "Modality": "MR",
  "MultibandAccelerationFactor": 4,
  "ParallelReductionFactorInPlane": 2,
  "PartialFourier": 0.75,
  "PatientPosition": "HFS",
  "PercentPhaseFOV": 100,
  "PhaseEncodingDirection": "j-",
  "PhaseEncodingSteps": 65,
  "PhaseResolution": 1,
  "PixelBandwidth": 2470,
  "ProcedureStepDescription": "CRANEO_FUNCIONAL",
  "ProtocolName": "BH",
  "PulseSequenceDetails": "%CustomerSeq%_cmrr_mbep2d_bold",
  "ReceiveCoilName": "HeadNeck_64",
  "ReconMatrixPE": 88,
  "RepetitionTime": 1.5,
  "ScanOptions": "PFP_FS",
  "ScanningSequence": "EP",
  "SequenceName": "epfid2d5_88",
  "SequenceVariant": "SK_SS",
  "SeriesDescription": "BH",
  "SliceThickness": 3,
  "SoftwareVersions": "syngo_MR_E11",
  "SpacingBetweenSlices": 3,
  "StationName": "MRC35414",
  "TaskName": "TODO: full task name for breathhold",
  "TotalReadoutTime": 0.0230548}