{
  "AcquisitionMatrixPE": 88,
  "AcquisitionNumber": 1,
  "AcquisitionTime": "11:29:14.860000",
  "BandwidthPerPixelPhaseEncode": 42.882,
  "BaseResolution": 88,
  "BodyPartExamined": "BRAIN",
  "ConsistencyInfo": "N4_VE11C_LATEST_20160120",
  "ConversionSoftware": "dcm2niix",
  "ConversionSoftwareVersion": "v1.0.20180518 GCC4.4.7",
  "DerivedVendorReportedEchoSpacing": 0.000529996,
  "DeviceSerialNumber": "167004",
  "DwellTime": 2.3e-06,
  "EchoNumber": 3,
  "EchoTime": 0.04678,
  "EchoTrainLength": 32,
  "EffectiveEchoSpacing": 0.000264998,
  "FlipAngle": 70,
  "ImageComments": "Single-band_reference_SENSE1",
  "ImageOrientationPatientDICOM": [
    0.998901,
    -0.0124849,
    -0.0451847,
    -0.00801986,
    0.904159,
    -0.427121
  ],
  "ImageType": [
    "ORIGINAL",
    "PRIMARY",
    "M",
    "TE3",
    "ND",
    "MOSAIC"
  ],
  "InPlanePhaseEncodingDirectionDICOM": "COL",
  "InstitutionAddress": "Mikeletegi_69_San_Sebastian_District_ES_20009",
  "InstitutionName": "BCBL",
  "InstitutionalDepartmentName": "Department",
  "MRAcquisitionType": "2D",
  "MagneticFieldStrength": 3,
  "Manufacturer": "Siemens",
  "ManufacturersModelName": "Prisma_fit",
  "Modality": "MR",
  "ParallelReductionFactorInPlane": 2,
  "PartialFourier": 0.75,
  "PatientPosition": "HFS",
  "PercentPhaseFOV": 100,
  "PhaseEncodingDirection": "j-",
  "PhaseEncodingSteps": 65,
  "PhaseResolution": 1,
  "PixelBandwidth": 2470,
  "ProcedureStepDescription": "CRANEO_FUNCIONAL",
  "ProtocolName": "BH",
  "PulseSequenceDetails": "%CustomerSeq%_cmrr_mbep2d_bold",
  "ReceiveCoilActiveElements": "HC1-7;NC1,2",
  "ReceiveCoilName": "HeadNeck_64",
  "ReconMatrixPE": 88,
  "RepetitionTime": 1.5,
  "SAR": 0.0674794,
  "ScanOptions": "PFP_FS",
  "ScanningSequence": "EP",
  "SequenceName": "epfid2d5_88",
  "SequenceVariant": "SK_SS",
  "SeriesDescription": "BH_SBRef",
  "SeriesNumber": 36,
  "ShimSetting": [
    64,
    -11237,
    -7000,
    357,
    -12,
    -380,
    93,
    90
  ],
  "SliceThickness": 3,
  "SliceTiming": [
    0,
    0.1125,
    0.2275,
    0.34,
    0.455,
    0.5675,
    0.6825,
    0.7975,
    0.91,
    1.025,
    1.1375,
    1.2525,
    1.365,
    1.48,
    1.5925,
    1.7075,
    1.82,
    1.935,
    2.0475,
    2.1625,
    2.275,
    2.39,
    2.505,
    2.6175,
    2.7325,
    2.845,
    2.96,
    3.0725,
    3.1875,
    3.3,
    3.415,
    3.5275,
    3.6425,
    3.755,
    3.87,
    3.985,
    4.0975,
    4.2125,
    4.325,
    4.44,
    4.5525,
    4.6675,
    4.78,
    4.895,
    5.0075,
    5.1225,
    5.235,
    5.35,
    5.4625,
    5.5775,
    5.6925,
    5.805
  ],
  "SoftwareVersions": "syngo_MR_E11",
  "SpacingBetweenSlices": 3,
  "StationName": "MRC35414",
  "TotalReadoutTime": 0.0230548,
  "TxRefAmp": 218.766
}