{
  "AcquisitionMatrixPE": 240,
  "AcquisitionNumber": 1,
  "AcquisitionTime": "19:21:2.900000",
  "BaseResolution": 256,
  "BodyPartExamined": "BRAIN",
  "ConsistencyInfo": "N4_VE11C_LATEST_20160120",
  "ConversionSoftware": "dcm2niix",
  "ConversionSoftwareVersion": "v1.0.20180518 GCC4.4.7",
  "DeviceSerialNumber": "167004",
  "DwellTime": 8.2e-06,
  "EchoTime": 0.00298,
  "ImageOrientationPatientDICOM": [0.0359635, 0.996191, 0.0794359, 0.0440491, 0.0778299, -0.995993],
  "ImageType": [
    "DERIVED",
    "PRIMARY",
    "M",
    "ND",
    "UNI"
],
  "InPlanePhaseEncodingDirectionDICOM": "ROW",
  "InstitutionAddress": "Mikeletegi_69_San_Sebastian_District_ES_20009",
  "InstitutionName": "BCBL",
  "InstitutionalDepartmentName": "Department",
  "MRAcquisitionType": "3D",
  "MagneticFieldStrength": 3,
  "Manufacturer": "Siemens",
  "ManufacturersModelName": "Prisma_fit",
  "Modality": "MR",
  "ParallelReductionFactorInPlane": 3,
  "PartialFourier": 1,
  "PatientPosition": "HFS",
  "PercentPhaseFOV": 93.75,
  "PhaseEncodingSteps": 238,
  "PhaseResolution": 1,
  "PixelBandwidth": 240,
  "ProcedureStepDescription": "CRANEO_FUNCIONAL",
  "ProtocolName": "t1_mp2rage_sag_p3_iso",
  "PulseSequenceDetails": "%SiemensSeq%_tfl",
  "RawImage": false,
  "ReceiveCoilActiveElements": "HC1-7;NC1,2",
  "ReceiveCoilName": "HeadNeck_64",
  "ReconMatrixPE": 256,
  "RepetitionTime": 5,
  "SAR": 0.018589,
  "ScanOptions": "IR",
  "ScanningSequence": "GR_IR",
  "SequenceName": "_tfl3d1_16ns",
  "SequenceVariant": "SK_SP_MP",
  "SeriesDescription": "t1_mp2rage_sag_p3_iso_UNI_Images",
  "SeriesNumber": 40,
  "ShimSetting": [71, -11189, -7053, 89, 24, -332, 174, 13],
  "SliceThickness": 1,
  "SoftwareVersions": "syngo_MR_E11",
  "StationName": "MRC35414",
  "TxRefAmp": 234.762}