{
  "AcquisitionMatrixPE": 88,
  "AcquisitionNumber": 1,
  "AcquisitionTime": "09:27:56.397500",
  "BandwidthPerPixelPhaseEncode": 46.382,
  "BaseResolution": 88,
  "BodyPartExamined": "BRAIN",
  "ConsistencyInfo": "N4_VE11C_LATEST_20160120",
  "ConversionSoftware": "dcm2niix",
  "ConversionSoftwareVersion": "v1.0.20180518 GCC4.4.7",
  "DerivedVendorReportedEchoSpacing": 0.000490002,
  "DeviceSerialNumber": "167004",
  "DwellTime": 2.3e-06,
  "EchoTime": 0.0286,
  "EchoTrainLength": 32,
  "EffectiveEchoSpacing": 0.000245001,
  "FlipAngle": 70,
  "ImageComments": "SENSE1",
  "ImageOrientationPatientDICOM": [0.995987, -0.0239779, -0.0862251, -0.0238197, 0.857671, -0.513647],
  "ImageType": [
    "ORIGINAL",
    "PRIMARY",
    "M",
    "ND",
    "MOSAIC"
],
  "InPlanePhaseEncodingDirectionDICOM": "COL",
  "InstitutionAddress": "Mikeletegi_69_San_Sebastian_District_ES_20009",
  "InstitutionName": "BCBL",
  "InstitutionalDepartmentName": "Department",
  "MRAcquisitionType": "2D",
  "MagneticFieldStrength": 3,
  "Manufacturer": "Siemens",
  "ManufacturersModelName": "Prisma_fit",
  "Modality": "MR",
  "ParallelReductionFactorInPlane": 2,
  "PartialFourier": 0.75,
  "PatientPosition": "HFS",
  "PercentPhaseFOV": 100,
  "PhaseEncodingDirection": "j-",
  "PhaseEncodingSteps": 65,
  "PhaseResolution": 1,
  "PixelBandwidth": 2470,
  "ProcedureStepDescription": "CRANEO_FUNCIONAL",
  "ProtocolName": "BH_AP_SE",
  "PulseSequenceDetails": "%CustomerSeq%_cmrr_mbep2d_se",
  "ReceiveCoilActiveElements": "HC1-7;NC1,2",
  "ReceiveCoilName": "HeadNeck_64",
  "ReconMatrixPE": 88,
  "RepetitionTime": 2.92,
  "SAR": 0.105441,
  "ScanOptions": "PFP_FS",
  "ScanningSequence": "EP",
  "SequenceName": "epse2d1_88",
  "SequenceVariant": "SK",
  "SeriesDescription": "BH_AP_SE",
  "SeriesNumber": 34,
  "ShimSetting": [71, -11188, -7023, 461, -13, -200, -62, 48],
  "SliceThickness": 3,
  "SliceTiming": [1.4475, 0, 1.505, 0.055, 1.56, 0.11, 1.615, 0.1675, 1.6725, 0.2225, 1.7275, 0.2775, 1.7825, 0.3325, 1.84, 0.39, 1.895, 0.445, 1.95, 0.5, 2.0075, 0.5575, 2.0625, 0.6125, 2.1175, 0.6675, 2.1725, 0.725, 2.23, 0.78, 2.285, 0.835, 2.34, 0.89, 2.3975, 0.9475, 2.4525, 1.0025, 2.5075, 1.0575, 2.565, 1.115, 2.62, 1.17, 2.675, 1.225, 2.73, 1.2825, 2.7875, 1.3375, 2.8425, 1.3925],
  "SoftwareVersions": "syngo_MR_E11",
  "SpacingBetweenSlices": 3,
  "StationName": "MRC35414",
  "TotalReadoutTime": 0.0213151,
  "TxRefAmp": 222.272}