{
  "AcquisitionMatrixPE": 88,
  "AcquisitionNumber": 1,
  "AcquisitionTime": "11:42:27.200000",
  "BandwidthPerPixelPhaseEncode": 46.382,
  "BaseResolution": 88,
  "BodyPartExamined": "BRAIN",
  "ConsistencyInfo": "N4_VE11C_LATEST_20160120",
  "ConversionSoftware": "dcm2niix",
  "ConversionSoftwareVersion": "v1.0.20180518 GCC4.4.7",
  "DerivedVendorReportedEchoSpacing": 0.000490002,
  "DeviceSerialNumber": "167004",
  "DwellTime": 2.3e-06,
  "EchoTime": 0.0286,
  "EchoTrainLength": 32,
  "EffectiveEchoSpacing": 0.000245001,
  "FlipAngle": 70,
  "ImageComments": "SENSE1",
  "ImageOrientationPatientDICOM": [0.995707, -0.0919904, -0.0102314, 0.0738191, 0.855941, -0.511777],
  "ImageType": [
    "ORIGINAL",
    "PRIMARY",
    "M",
    "ND",
    "MOSAIC"
],
  "InPlanePhaseEncodingDirectionDICOM": "COL",
  "InstitutionAddress": "Mikeletegi_69_San_Sebastian_District_ES_20009",
  "InstitutionName": "BCBL",
  "InstitutionalDepartmentName": "Department",
  "MRAcquisitionType": "2D",
  "MagneticFieldStrength": 3,
  "Manufacturer": "Siemens",
  "ManufacturersModelName": "Prisma_fit",
  "Modality": "MR",
  "ParallelReductionFactorInPlane": 2,
  "PartialFourier": 0.75,
  "PatientPosition": "HFS",
  "PercentPhaseFOV": 100,
  "PhaseEncodingDirection": "j",
  "PhaseEncodingSteps": 65,
  "PhaseResolution": 1,
  "PixelBandwidth": 2470,
  "ProcedureStepDescription": "CRANEO_FUNCIONAL",
  "ProtocolName": "BH_PA_SE",
  "PulseSequenceDetails": "%CustomerSeq%_cmrr_mbep2d_se",
  "ReceiveCoilActiveElements": "HC1-7;NC1,2",
  "ReceiveCoilName": "HeadNeck_64",
  "ReconMatrixPE": 88,
  "RepetitionTime": 2.92,
  "SAR": 0.114275,
  "ScanOptions": "PFP_FS",
  "ScanningSequence": "EP",
  "SequenceName": "epse2d1_88",
  "SequenceVariant": "SK",
  "SeriesDescription": "BH_PA_SE",
  "SeriesNumber": 43,
  "ShimSetting": [69, -11195, -7029, 461, 45, -144, 84, 40],
  "SliceThickness": 3,
  "SliceTiming": [1.45, 0, 1.5075, 0.0575, 1.5625, 0.1125, 1.6175, 0.1675, 1.6725, 0.225, 1.73, 0.28, 1.785, 0.335, 1.84, 0.39, 1.8975, 0.4475, 1.9525, 0.5025, 2.0075, 0.5575, 2.065, 0.615, 2.12, 0.67, 2.175, 0.725, 2.2325, 0.7825, 2.2875, 0.8375, 2.3425, 0.8925, 2.3975, 0.95, 2.455, 1.005, 2.51, 1.06, 2.565, 1.115, 2.6225, 1.1725, 2.6775, 1.2275, 2.7325, 1.2825, 2.79, 1.34, 2.845, 1.395],
  "SoftwareVersions": "syngo_MR_E11",
  "SpacingBetweenSlices": 3,
  "StationName": "MRC35414",
  "TotalReadoutTime": 0.0213151,
  "TxRefAmp": 225.796}