{
  "AcquisitionMatrixPE": 88,
  "AcquisitionNumber": 1,
  "AcquisitionTime": "19:07:13.362500",
  "BandwidthPerPixelPhaseEncode": 42.882,
  "BaseResolution": 88,
  "BodyPartExamined": "BRAIN",
  "ConsistencyInfo": "N4_VE11C_LATEST_20160120",
  "ConversionSoftware": "dcm2niix",
  "ConversionSoftwareVersion": "v1.0.20180518 GCC4.4.7",
  "DerivedVendorReportedEchoSpacing": 0.000529996,
  "DeviceSerialNumber": "167004",
  "DwellTime": 2.3e-06,
  "EchoNumber": 3,
  "EchoTime": 0.04678,
  "EchoTrainLength": 32,
  "EffectiveEchoSpacing": 0.000264998,
  "FlipAngle": 70,
  "ImageComments": "Unaliased_MB4_PE4_LB_SENSE1",
  "ImageOrientationPatientDICOM": [
    0.999401,
    0.0313528,
    -0.0146189,
    -0.0340267,
    0.814749,
    -0.578815
  ],
  "ImageType": [
    "ORIGINAL",
    "PRIMARY",
    "M",
    "MB",
    "TE3",
    "ND",
    "MOSAIC"
  ],
  "InPlanePhaseEncodingDirectionDICOM": "COL",
  "InstitutionAddress": "Mikeletegi_69_San_Sebastian_District_ES_20009",
  "InstitutionName": "BCBL",
  "InstitutionalDepartmentName": "Department",
  "MRAcquisitionType": "2D",
  "MagneticFieldStrength": 3,
  "Manufacturer": "Siemens",
  "ManufacturersModelName": "Prisma_fit",
  "Modality": "MR",
  "MultibandAccelerationFactor": 4,
  "ParallelReductionFactorInPlane": 2,
  "PartialFourier": 0.75,
  "PatientPosition": "HFS",
  "PercentPhaseFOV": 100,
  "PhaseEncodingDirection": "j-",
  "PhaseEncodingSteps": 65,
  "PhaseResolution": 1,
  "PixelBandwidth": 2470,
  "ProcedureStepDescription": "CRANEO_FUNCIONAL",
  "ProtocolName": "BH",
  "PulseSequenceDetails": "%CustomerSeq%_cmrr_mbep2d_bold",
  "ReceiveCoilActiveElements": "HC1-7;NC1,2",
  "ReceiveCoilName": "HeadNeck_64",
  "ReconMatrixPE": 88,
  "RepetitionTime": 1.5,
  "SAR": 0.0769054,
  "ScanOptions": "PFP_FS",
  "ScanningSequence": "EP",
  "SequenceName": "epfid2d5_88",
  "SequenceVariant": "SK_SS",
  "SeriesDescription": "BH",
  "SeriesNumber": 37,
  "ShimSetting": [
    79,
    -11188,
    -6987,
    330,
    37,
    -202,
    47,
    46
  ],
  "SliceThickness": 3,
  "SliceTiming": [
    0,
    0.7975,
    0.115,
    0.91,
    0.2275,
    1.025,
    0.3425,
    1.1375,
    0.455,
    1.2525,
    0.57,
    1.365,
    0.6825,
    0,
    0.7975,
    0.115,
    0.91,
    0.2275,
    1.025,
    0.3425,
    1.1375,
    0.455,
    1.2525,
    0.57,
    1.365,
    0.6825,
    0,
    0.7975,
    0.115,
    0.91,
    0.2275,
    1.025,
    0.3425,
    1.1375,
    0.455,
    1.2525,
    0.57,
    1.365,
    0.6825,
    0,
    0.7975,
    0.115,
    0.91,
    0.2275,
    1.025,
    0.3425,
    1.1375,
    0.455,
    1.2525,
    0.57,
    1.365,
    0.6825
  ],
  "SoftwareVersions": "syngo_MR_E11",
  "SpacingBetweenSlices": 3,
  "StationName": "MRC35414",
  "TotalReadoutTime": 0.0230548,
  "TxRefAmp": 249.3
}