{
  "AcquisitionMatrixPE": 88,
  "AcquisitionNumber": 1,
  "AcquisitionTime": "09:35:2.515000",
  "BandwidthPerPixelPhaseEncode": 46.382,
  "BaseResolution": 88,
  "BodyPartExamined": "BRAIN",
  "ConsistencyInfo": "N4_VE11C_LATEST_20160120",
  "ConversionSoftware": "dcm2niix",
  "ConversionSoftwareVersion": "v1.0.20180518 GCC4.4.7",
  "DerivedVendorReportedEchoSpacing": 0.000490002,
  "DeviceSerialNumber": "167004",
  "DwellTime": 2.3e-06,
  "EchoTime": 0.0286,
  "EchoTrainLength": 32,
  "EffectiveEchoSpacing": 0.000245001,
  "FlipAngle": 70,
  "ImageComments": "SENSE1",
  "ImageOrientationPatientDICOM": [0.989733, 0.140945, -0.0237359, -0.127841, 0.798692, -0.588003],
  "ImageType": [
    "ORIGINAL",
    "PRIMARY",
    "M",
    "ND",
    "MOSAIC"
],
  "InPlanePhaseEncodingDirectionDICOM": "COL",
  "InstitutionAddress": "Mikeletegi_69_San_Sebastian_District_ES_20009",
  "InstitutionName": "BCBL",
  "InstitutionalDepartmentName": "Department",
  "MRAcquisitionType": "2D",
  "MagneticFieldStrength": 3,
  "Manufacturer": "Siemens",
  "ManufacturersModelName": "Prisma_fit",
  "Modality": "MR",
  "ParallelReductionFactorInPlane": 2,
  "PartialFourier": 0.75,
  "PatientPosition": "HFS",
  "PercentPhaseFOV": 100,
  "PhaseEncodingDirection": "j-",
  "PhaseEncodingSteps": 65,
  "PhaseResolution": 1,
  "PixelBandwidth": 2470,
  "ProcedureStepDescription": "CRANEO_FUNCIONAL",
  "ProtocolName": "BH_AP_SE",
  "PulseSequenceDetails": "%CustomerSeq%_cmrr_mbep2d_se",
  "ReceiveCoilActiveElements": "HC1-7;NC1,2",
  "ReceiveCoilName": "HeadNeck_64",
  "ReconMatrixPE": 88,
  "RepetitionTime": 2.92,
  "SAR": 0.0791785,
  "ScanOptions": "PFP_FS",
  "ScanningSequence": "EP",
  "SequenceName": "epse2d1_88",
  "SequenceVariant": "SK",
  "SeriesDescription": "BH_AP_SE",
  "SeriesNumber": 34,
  "ShimSetting": [84, -11137, -7045, 482, -58, -272, 32, 20],
  "SliceThickness": 3,
  "SliceTiming": [1.45, 0, 1.505, 0.055, 1.5625, 0.1125, 1.6175, 0.1675, 1.6725, 0.2225, 1.7275, 0.28, 1.785, 0.335, 1.84, 0.39, 1.895, 0.445, 1.9525, 0.5025, 2.0075, 0.5575, 2.0625, 0.6125, 2.12, 0.67, 2.175, 0.725, 2.23, 0.78, 2.2875, 0.8375, 2.3425, 0.8925, 2.3975, 0.9475, 2.4525, 1.005, 2.51, 1.06, 2.565, 1.115, 2.62, 1.17, 2.6775, 1.2275, 2.7325, 1.2825, 2.7875, 1.3375, 2.845, 1.395],
  "SoftwareVersions": "syngo_MR_E11",
  "SpacingBetweenSlices": 3,
  "StationName": "MRC35414",
  "TotalReadoutTime": 0.0213151,
  "TxRefAmp": 217.464}