{
  "AcquisitionMatrixPE": 88,
  "AcquisitionNumber": 1,
  "AcquisitionTime": "09:21:56.882500",
  "BandwidthPerPixelPhaseEncode": 42.882,
  "BaseResolution": 88,
  "BodyPartExamined": "BRAIN",
  "ConsistencyInfo": "N4_VE11C_LATEST_20160120",
  "ConversionSoftware": "dcm2niix",
  "ConversionSoftwareVersion": "v1.0.20180518 GCC4.4.7",
  "DerivedVendorReportedEchoSpacing": 0.000529996,
  "DeviceSerialNumber": "167004",
  "DwellTime": 2.3e-06,
  "EchoNumber": 4,
  "EchoTime": 0.06487,
  "EchoTrainLength": 32,
  "EffectiveEchoSpacing": 0.000264998,
  "FlipAngle": 70,
  "ImageComments": "Single-band_reference_SENSE1",
  "ImageOrientationPatientDICOM": [
    0.987585,
    0.156763,
    0.010024,
    -0.13072,
    0.855547,
    -0.500951
  ],
  "ImageType": [
    "ORIGINAL",
    "PRIMARY",
    "M",
    "TE4",
    "ND",
    "MOSAIC"
  ],
  "InPlanePhaseEncodingDirectionDICOM": "COL",
  "InstitutionAddress": "Mikeletegi_69_San_Sebastian_District_ES_20009",
  "InstitutionName": "BCBL",
  "InstitutionalDepartmentName": "Department",
  "MRAcquisitionType": "2D",
  "MagneticFieldStrength": 3,
  "Manufacturer": "Siemens",
  "ManufacturersModelName": "Prisma_fit",
  "Modality": "MR",
  "ParallelReductionFactorInPlane": 2,
  "PartialFourier": 0.75,
  "PatientPosition": "HFS",
  "PercentPhaseFOV": 100,
  "PhaseEncodingDirection": "j-",
  "PhaseEncodingSteps": 65,
  "PhaseResolution": 1,
  "PixelBandwidth": 2470,
  "ProcedureStepDescription": "CRANEO_FUNCIONAL",
  "ProtocolName": "BH",
  "PulseSequenceDetails": "%CustomerSeq%_cmrr_mbep2d_bold",
  "ReceiveCoilActiveElements": "HC1-7;NC1,2",
  "ReceiveCoilName": "HeadNeck_64",
  "ReconMatrixPE": 88,
  "RepetitionTime": 1.5,
  "SAR": 0.0578905,
  "ScanOptions": "PFP_FS",
  "ScanningSequence": "EP",
  "SequenceName": "epfid2d5_88",
  "SequenceVariant": "SK_SS",
  "SeriesDescription": "BH_SBRef",
  "SeriesNumber": 36,
  "ShimSetting": [
    56,
    -11204,
    -6923,
    517,
    -33,
    -295,
    -6,
    -27
  ],
  "SliceThickness": 3,
  "SliceTiming": [
    0,
    0.115,
    0.2275,
    0.3425,
    0.4575,
    0.57,
    0.685,
    0.7975,
    0.9125,
    1.025,
    1.14,
    1.2525,
    1.3675,
    1.48,
    1.595,
    1.7075,
    1.8225,
    1.9375,
    2.05,
    2.165,
    2.2775,
    2.3925,
    2.505,
    2.62,
    2.7325,
    2.8475,
    2.96,
    3.075,
    3.1875,
    3.3025,
    3.415,
    3.53,
    3.645,
    3.7575,
    3.8725,
    3.985,
    4.1,
    4.2125,
    4.3275,
    4.44,
    4.555,
    4.6675,
    4.7825,
    4.895,
    5.01,
    5.125,
    5.2375,
    5.3525,
    5.465,
    5.58,
    5.6925,
    5.8075
  ],
  "SoftwareVersions": "syngo_MR_E11",
  "SpacingBetweenSlices": 3,
  "StationName": "MRC35414",
  "TotalReadoutTime": 0.0230548,
  "TxRefAmp": 216.359
}